GEM
  remote: http://rubygems.org/
  specs:
    bencode (0.6.0)
    daemons (1.1.0)
    gemcutter (0.6.1)
    git (1.2.5)
    jeweler (1.4.0)
      gemcutter (>= 0.1.0)
      git (>= 1.2.5)
      rubyforge (>= 2.0.0)
    json_pure (1.4.6)
    mechanize (1.0.0)
      nokogiri (>= 1.2.1)
    nokogiri (1.4.3.1)
    rake (0.8.7)
    rspec (1.3.0)
    rubyforge (2.0.4)
      json_pure (>= 1.1.7)
    scgi (0.9.1)
    sequel (3.13.0)
    sqlite3-ruby (1.3.1)
    xmlrpcs (0.1.3)

PLATFORMS
  ruby

DEPENDENCIES
  bencode (= 0.6.0)
  daemons (= 1.1.0)
  jeweler (= 1.4.0)
  mechanize (= 1.0.0)
  nokogiri (= 1.4.3.1)
  rake (= 0.8.7)
  rspec (= 1.3.0)
  scgi (= 0.9.1)
  sequel (= 3.13.0)
  sqlite3-ruby (= 1.3.1)
  xmlrpcs (= 0.1.3)
